GEM
  remote: http://rubygems.org/
  specs:
    haml (5.0.4)
      temple (>= 0.8.0)
      tilt
    kgio (2.11.2)
    mustermann (1.0.1)
    rack (2.0.4)
    rack-protection (2.0.0)
      rack
    raindrops (0.19.0)
    rdiscount (2.2.0.1)
    sinatra (2.0.0)
      mustermann (~> 1.0)
      rack (~> 2.0)
      rack-protection (= 2.0.0)
      tilt (~> 2.0)
    temple (0.8.0)
    tilt (2.0.8)
    unicorn (5.4.0)
      kgio (~> 2.6)
      raindrops (~> 0.7)
    unicorn-rails (2.2.1)
      rack
      unicorn

PLATFORMS
  ruby

DEPENDENCIES
  haml
  rdiscount
  sinatra
  unicorn-rails

RUBY VERSION
   ruby 2.5.1p57

BUNDLED WITH
   1.16.1
